GEM
  remote: http://rubygems.org/
  specs:
    mini_portile2 (2.0.0)
    nokogiri (1.6.7.2)
      mini_portile2 (~> 2.0.0.rc2)
    rake (10.5.0)
    ruby-hmac (0.4.0)

PLATFORMS
  ruby

DEPENDENCIES
  nokogiri (~> 1.4)
  rake
  ruby-hmac (~> 0.3)
