GEM
  remote: http://rubygems.org/
  specs:
    nokogiri (1.5.0)
    rake (0.9.2)
    redgreen (1.2.2)
    ruby-hmac (0.4.0)

PLATFORMS
  ruby

DEPENDENCIES
  nokogiri
  rake
  redgreen
  ruby-hmac
